GEM
  remote: https://rubygems.org/
  specs:
    addressable (2.7.0)
      public_suffix (>= 2.0.2, < 5.0)
    ast (2.4.0)
    aws-eventstream (1.0.3)
    aws-partitions (1.255.0)
    aws-sdk-codecommit (1.30.0)
      aws-sdk-core (~> 3, >= 3.71.0)
      aws-sigv4 (~> 1.1)
    aws-sdk-core (3.86.0)
      aws-eventstream (~> 1.0, >= 1.0.2)
      aws-partitions (~> 1, >= 1.239.0)
      aws-sigv4 (~> 1.1)
      jmespath (~> 1.0)
    aws-sdk-ecr (1.23.0)
      aws-sdk-core (~> 3, >= 3.71.0)
      aws-sigv4 (~> 1.1)
    aws-sigv4 (1.1.0)
      aws-eventstream (~> 1.0, >= 1.0.2)
    citrus (3.0.2)
    dependabot-bundler (0.113.28)
      dependabot-common (= 0.113.28)
    dependabot-cargo (0.113.28)
      dependabot-common (= 0.113.28)
    dependabot-common (0.113.28)
      aws-sdk-codecommit (~> 1.28)
      aws-sdk-ecr (~> 1.5)
      bundler (>= 1.16, < 3.0.0)
      docker_registry2 (~> 1.7, >= 1.7.1)
      excon (~> 0.66)
      gitlab (~> 4.9)
      nokogiri (~> 1.8)
      octokit (~> 4.6)
      pandoc-ruby (~> 2.0)
      parseconfig (~> 1.0)
      parser (~> 2.5)
      toml-rb (>= 1.1.2, < 3.0)
    dependabot-composer (0.113.28)
      dependabot-common (= 0.113.28)
    dependabot-dep (0.113.28)
      dependabot-common (= 0.113.28)
    dependabot-docker (0.113.28)
      dependabot-common (= 0.113.28)
    dependabot-elm (0.113.28)
      dependabot-common (= 0.113.28)
    dependabot-git_submodules (0.113.28)
      dependabot-common (= 0.113.28)
    dependabot-github_actions (0.113.28)
      dependabot-common (= 0.113.28)
    dependabot-go_modules (0.113.28)
      dependabot-common (= 0.113.28)
    dependabot-gradle (0.113.28)
      dependabot-common (= 0.113.28)
    dependabot-hex (0.113.28)
      dependabot-common (= 0.113.28)
    dependabot-maven (0.113.28)
      dependabot-common (= 0.113.28)
    dependabot-npm_and_yarn (0.113.28)
      dependabot-common (= 0.113.28)
    dependabot-nuget (0.113.28)
      dependabot-common (= 0.113.28)
    dependabot-omnibus (0.113.28)
      dependabot-bundler (= 0.113.28)
      dependabot-cargo (= 0.113.28)
      dependabot-common (= 0.113.28)
      dependabot-composer (= 0.113.28)
      dependabot-dep (= 0.113.28)
      dependabot-docker (= 0.113.28)
      dependabot-elm (= 0.113.28)
      dependabot-git_submodules (= 0.113.28)
      dependabot-github_actions (= 0.113.28)
      dependabot-go_modules (= 0.113.28)
      dependabot-gradle (= 0.113.28)
      dependabot-hex (= 0.113.28)
      dependabot-maven (= 0.113.28)
      dependabot-npm_and_yarn (= 0.113.28)
      dependabot-nuget (= 0.113.28)
      dependabot-python (= 0.113.28)
      dependabot-terraform (= 0.113.28)
    dependabot-python (0.113.28)
      dependabot-common (= 0.113.28)
    dependabot-terraform (0.113.28)
      dependabot-common (= 0.113.28)
    docker_registry2 (1.9.0)
      rest-client (>= 1.8.0)
    domain_name (0.5.20190701)
      unf (>= 0.0.5, < 1.0.0)
    excon (0.71.0)
    faraday (0.17.1)
      multipart-post (>= 1.2, < 3)
    gitlab (4.12.0)
      httparty (~> 0.14, >= 0.14.0)
      terminal-table (~> 1.5, >= 1.5.1)
    http-accept (1.7.0)
    http-cookie (1.0.3)
      domain_name (~> 0.5)
    httparty (0.17.1)
      mime-types (~> 3.0)
      multi_xml (>= 0.5.2)
    irb (1.2.0)
      reline (>= 0.0.1)
    jmespath (1.4.0)
    mime-types (3.3)
      mime-types-data (~> 3.2015)
    mime-types-data (3.2019.1009)
    mini_portile2 (2.4.0)
    multi_xml (0.6.0)
    multipart-post (2.1.1)
    netrc (0.11.0)
    nokogiri (1.10.8)
      mini_portile2 (~> 2.4.0)
    octokit (4.14.0)
      sawyer (~> 0.8.0, >= 0.5.3)
    pandoc-ruby (2.0.2)
    parseconfig (1.0.8)
    parser (2.6.5.0)
      ast (~> 2.4.0)
    public_suffix (4.0.1)
    reline (0.0.7)
    rest-client (2.1.0)
      http-accept (>= 1.7.0, < 2.0)
      http-cookie (>= 1.0.2, < 2.0)
      mime-types (>= 1.16, < 4.0)
      netrc (~> 0.8)
    sawyer (0.8.2)
      addressable (>= 2.3.5)
      faraday (> 0.8, < 2.0)
    terminal-table (1.8.0)
      unicode-display_width (~> 1.1, >= 1.1.1)
    toml-rb (2.0.1)
      citrus (~> 3.0, > 3.0)
    unf (0.1.4)
      unf_ext
    unf_ext (0.0.7.6)
    unicode-display_width (1.6.0)

PLATFORMS
  ruby

DEPENDENCIES
  dependabot-omnibus (~> 0.113.28)
  irb

RUBY VERSION
   ruby 2.6.6p146

BUNDLED WITH
   1.17.3
